PATH
  remote: .
  specs:
    clip-rb (0.1.0)
      logger
      net-http
      onnxruntime
      set
      zlib

GEM
  remote: https://rubygems.org/
  specs:
    diff-lcs (1.5.1)
    ffi (1.17.1)
    ffi (1.17.1-arm64-darwin)
    logger (1.6.5)
    net-http (0.6.0)
      uri
    onnxruntime (0.9.3)
      ffi
    onnxruntime (0.9.3-arm64-darwin)
      ffi
    rake (13.2.1)
    rspec (3.13.0)
      rspec-core (~> 3.13.0)
      rspec-expectations (~> 3.13.0)
      rspec-mocks (~> 3.13.0)
    rspec-core (3.13.2)
      rspec-support (~> 3.13.0)
    rspec-expectations (3.13.3)
      diff-lcs (>= 1.2.0, < 2.0)
      rspec-support (~> 3.13.0)
    rspec-mocks (3.13.2)
      diff-lcs (>= 1.2.0, < 2.0)
      rspec-support (~> 3.13.0)
    rspec-support (3.13.2)
    set (1.1.1)
    uri (1.0.2)
    zlib (3.2.1)

PLATFORMS
  arm64-darwin-24
  ruby

DEPENDENCIES
  clip-rb!
  rake (~> 13.0)
  rspec (~> 3.0)

BUNDLED WITH
   2.5.22
